GEM
  remote: https://rubygems.org/
  specs:
    ecdsa (1.2.0)
    salsa20 (0.1.1)
    sha3 (1.0.5)
    trollop (2.1.2)

PLATFORMS
  ruby

DEPENDENCIES
  ecdsa
  salsa20
  sha3
  trollop
